GEM
  remote: https://rubygems.org/
  specs:
    cuba (3.1.0)
      rack
    daemons (1.2.3)
    eventmachine (1.0.9.1)
    haml (5.0.0)
      temple (>= 0.8.0)
      tilt
    mini_portile2 (2.4.0)
    nokogiri (1.10.8)
      mini_portile2 (~> 2.4.0)
    oj (2.0.14)
    rack (1.6.11)
    sass (3.2.9)
    temple (0.8.2)
    thin (1.6.4)
      daemons (~> 1.0, >= 1.0.9)
      eventmachine (~> 1.0, >= 1.0.4)
      rack (~> 1.0)
    tilt (1.4.1)

PLATFORMS
  ruby

DEPENDENCIES
  cuba
  haml
  nokogiri
  oj
  sass
  thin
  tilt

BUNDLED WITH
   1.11.2
