GEM
  remote: http://rubygems.org/
  specs:
    cuba (3.0.0)
      rack
    daemons (1.1.8)
    eventmachine (0.12.10)
    haml (3.1.6)
    nokogiri (1.5.2)
    oj (1.2.9)
    rack (1.4.1)
    sass (3.1.19)
    thin (1.3.1)
      daemons (>= 1.0.9)
      eventmachine (>= 0.12.6)
      rack (>= 1.0.0)
    tilt (1.3.3)

PLATFORMS
  ruby

DEPENDENCIES
  cuba
  haml
  nokogiri
  oj
  sass
  thin
  tilt
