GEM
  remote: https://rubygems.org/
  specs:
    cuba (3.1.0)
      rack
    daemons (1.1.9)
    eventmachine (1.0.3)
    haml (4.0.3)
      tilt
    nokogiri (1.5.9)
    oj (2.0.14)
    rack (1.5.2)
    sass (3.2.9)
    thin (1.5.1)
      daemons (>= 1.0.9)
      eventmachine (>= 0.12.6)
      rack (>= 1.0.0)
    tilt (1.4.1)

PLATFORMS
  ruby

DEPENDENCIES
  cuba
  haml
  nokogiri
  oj
  sass
  thin
  tilt
